GEM
  remote: https://gems.ruby-china.com/
  specs:
    audite (0.4.0)
    byebug (11.0.0)
    curses (1.2.7)
    daemons (1.3.1)
    domain_name (0.5.20180417)
      unf (>= 0.0.5, < 1.0.0)
    http-cookie (1.0.3)
      domain_name (~> 0.5)
    mini_portile2 (2.4.0)
    nokogiri (1.10.1)
      mini_portile2 (~> 2.4.0)
    nori (2.6.0)
    unf (0.1.4)
      unf_ext
    unf_ext (0.0.7.5)

PLATFORMS
  ruby

DEPENDENCIES
  audite
  byebug
  curses
  daemons
  http-cookie
  nokogiri
  nori

BUNDLED WITH
   1.16.6
