GEM
  remote: https://gems.ruby-china.org/
  specs:
    audite (0.4.0)
    byebug (9.0.6)
    curses (1.2.4)
    daemons (1.2.6)
    domain_name (0.5.20170404)
      unf (>= 0.0.5, < 1.0.0)
    http-cookie (1.0.3)
      domain_name (~> 0.5)
    mini_portile2 (2.3.0)
    nokogiri (1.8.1)
      mini_portile2 (~> 2.3.0)
    nori (2.6.0)
    unf (0.1.4)
      unf_ext
    unf_ext (0.0.7.4)

PLATFORMS
  ruby

DEPENDENCIES
  audite
  byebug
  curses
  daemons
  http-cookie
  nokogiri
  nori

BUNDLED WITH
   1.16.1
